PATH
  remote: .
  specs:
    metanorma-gb (2.0.1)
      asciidoctor
      gb-agencies
      htmlentities
      isodoc
      metanorma-iso (~> 2.4.5)
      twitter_cldr

GEM
  remote: https://rubygems.org/
  specs:
    activesupport (5.2.8.1)
      concurrent-ruby (~> 1.0, >= 1.0.2)
      i18n (>= 0.7, < 2)
      minitest (~> 5.1)
      tzinfo (~> 1.1)
    addressable (2.8.4)
      public_suffix (>= 2.0.2, < 6.0)
    algolia (2.3.2)
      faraday (>= 0.15, < 3)
      faraday-net_http_persistent (>= 0.15, < 3)
      multi_json (~> 1.0)
      net-http-persistent
    arr-pm (0.0.12)
    asciidoctor (2.0.20)
    asciimath (2.0.5)
    asciimath2unitsml (0.4.3)
      asciimath
      htmlentities
      nokogiri (~> 1)
      rsec (~> 1.0.0)
    ast (2.4.2)
    bcp47 (0.3.3)
      i18n
    bibtex-ruby (6.0.0)
      latex-decode (~> 0.0)
    builder (3.2.4)
    byebug (11.1.3)
    camertron-eprun (1.1.1)
    cldr-plurals-runtime-rb (1.1.0)
    cliver (0.3.2)
    cnccs (0.1.6)
    coderay (1.1.3)
    concurrent-ruby (1.2.2)
    connection_pool (2.4.1)
    crack (0.4.5)
      rexml
    css_parser (1.14.0)
      addressable
    csv (3.2.6)
    date (3.3.3)
    debase (0.2.5.beta2)
      debase-ruby_core_source (>= 0.10.12)
    debase-ruby_core_source (3.2.1)
    debug (1.8.0)
      irb (>= 1.5.0)
      reline (>= 0.3.1)
    descriptive_statistics (2.5.1)
    diff-lcs (1.5.0)
    docile (1.4.0)
    domain_name (0.5.20190701)
      unf (>= 0.0.5, < 1.0.0)
    down (5.4.1)
      addressable (~> 2.8)
    ebnf (2.3.4)
      htmlentities (~> 4.3)
      rdf (~> 3.2)
      scanf (~> 1.0)
      sxp (~> 1.2)
      unicode-types (~> 1.8)
    emf2svg (1.4.3-x64-mingw-ucrt)
      ffi (~> 1.0)
    equivalent-xml (0.6.0)
      nokogiri (>= 1.4.3)
    excavate (0.3.3)
      arr-pm (~> 0.0)
      bundler (~> 2.3, >= 2.3.24)
      ffi-libarchive-binary (~> 0.3)
      libmspack (~> 0.1)
      ruby-ole (~> 1.0)
      rubyzip (~> 2.3)
      seven-zip (~> 1.4)
      thor (~> 1.0)
    expressir (1.2.8)
      rice (~> 4.0.3)
      thor (~> 1.0)
    extract_ttc (0.3.6-x64-mingw-ucrt)
      bundler (~> 2.3, >= 2.3.22)
      ffi (~> 1.0)
      rake (~> 13)
    faraday (2.7.7)
      faraday-net_http (>= 2.0, < 3.1)
      ruby2_keywords (>= 0.0.4)
    faraday-follow_redirects (0.1.0)
      faraday (>= 2, < 3)
    faraday-net_http (3.0.2)
    faraday-net_http_persistent (2.1.0)
      faraday (~> 2.5)
      net-http-persistent (~> 4.0)
    ffi (1.15.5)
    ffi-compiler2 (2.0.1)
      ffi (>= 1.0.0)
      rake
    ffi-libarchive (1.1.3)
      ffi (~> 1.0)
    ffi-libarchive-binary (0.3.0-x64-mingw-ucrt)
      bundler (~> 2.3, >= 2.3.22)
      ffi (~> 1.0)
      ffi-libarchive (~> 1.0)
      rake (~> 13.0)
    fontist (1.15.2)
      down (~> 5.0)
      excavate (~> 0.3)
      extract_ttc (~> 0.1)
      git (~> 1.0)
      mime-types (~> 3.0)
      nokogiri (~> 1.0)
      plist (~> 3.0)
      socksify (~> 1.7)
      sys-uname (~> 1.2)
      thor (~> 1.2.1)
      ttfunk (~> 1.6)
    formatador (1.1.0)
    gb-agencies (0.0.7)
    git (1.18.0)
      addressable (~> 2.8)
      rchardet (~> 1.8)
    glossarist (0.2.0)
    graphql (1.13.6)
    graphql-client (0.16.0)
      activesupport (>= 3.0)
      graphql (~> 1.8)
    guard (2.18.0)
      formatador (>= 0.2.4)
      listen (>= 2.7, < 4.0)
      lumberjack (>= 1.0.12, < 2.0)
      nenv (~> 0.1)
      notiffany (~> 0.0)
      pry (>= 0.13.0)
      shellany (~> 0.0)
      thor (>= 0.18.1)
    guard-compat (1.2.1)
    guard-rspec (4.7.3)
      guard (~> 2.1)
      guard-compat (~> 1.1)
      rspec (>= 2.99.0, < 4.0)
    haml (5.2.2)
      temple (>= 0.8.0)
      tilt
    hamster (3.0.0)
      concurrent-ruby (~> 1.0)
    hashdiff (1.0.1)
    hashie (4.1.0)
    hollaback (0.1.1)
    html2doc (1.5.4)
      htmlentities (~> 4.3.4)
      image_size (>= 3.2.0)
      mime-types
      nokogiri (~> 1.14)
      plane1converter (~> 0.0.1)
      plurimath
      thread_safe
      uuidtools
    htmlentities (4.3.4)
    http-cookie (1.0.5)
      domain_name (~> 0.5)
    i18n (1.14.1)
      concurrent-ruby (~> 1.0)
    iev (0.3.1)
      nokogiri (~> 1)
    image_size (3.3.0)
    io-console (0.6.0)
    irb (1.7.0)
      reline (>= 0.3.0)
    iso639 (1.3.2)
    isodoc (2.5.7)
      emf2svg
      html2doc (~> 1.5.3)
      htmlentities (~> 4.3.4)
      liquid (~> 5)
      mn-requirements (~> 0.3.1)
      mn2pdf
      plurimath
      relaton-cli
      relaton-render (~> 0.5.2)
      roman-numerals
      rouge (~> 4.0)
      thread_safe
      twitter_cldr (>= 6.6.0)
      uuidtools
    isodoc-i18n (1.1.10)
      htmlentities (~> 4.3.4)
      metanorma-utils (>= 1.5.0)
      twitter_cldr
    isoics (0.1.12)
    json (2.6.3)
    json-canonicalization (0.3.2)
    json-ld (3.2.5)
      htmlentities (~> 4.3)
      json-canonicalization (~> 0.3, >= 0.3.2)
      link_header (~> 0.0, >= 0.0.8)
      multi_json (~> 1.15)
      rack (>= 2.2, < 4)
      rdf (~> 3.2, >= 3.2.10)
    json-ld-preloaded (3.2.2)
      json-ld (~> 3.2)
      rdf (~> 3.2)
    latex-decode (0.4.0)
    ld-patch (3.2.0)
      ebnf (~> 2.2)
      rdf (~> 3.2)
      rdf-xsd (~> 3.2)
      sparql (~> 3.2)
      sxp (~> 1.2)
    libmspack (0.10.1.2)
      ffi
      ffi-compiler2 (>= 2.0.0)
    lightly (0.4.0)
    link_header (0.0.8)
    linkeddata (3.2.1)
      json-ld (~> 3.2, >= 3.2.3)
      json-ld-preloaded (~> 3.2)
      ld-patch (~> 3.2)
      nokogiri (~> 1.13, >= 1.13.8)
      rdf (~> 3.2, >= 3.2.9)
      rdf-aggregate-repo (~> 3.2, >= 3.2.1)
      rdf-hamster-repo (~> 3.2)
      rdf-isomorphic (~> 3.2, >= 3.2.1)
      rdf-json (~> 3.2)
      rdf-microdata (~> 3.2, >= 3.2.1)
      rdf-n3 (~> 3.2, >= 3.2.1)
      rdf-normalize (~> 0.5)
      rdf-ordered-repo (~> 3.2, >= 3.2.1)
      rdf-rdfa (~> 3.2)
      rdf-rdfxml (~> 3.2)
      rdf-reasoner (~> 0.8)
      rdf-tabular (~> 3.2, >= 3.2.1)
      rdf-trig (~> 3.2)
      rdf-trix (~> 3.2)
      rdf-turtle (~> 3.2, >= 3.2.1)
      rdf-vocab (~> 3.2, >= 3.2.1)
      rdf-xsd (~> 3.2, >= 3.2.1)
      shacl (~> 0.2, >= 0.2.1)
      shex (~> 0.7, >= 0.7.1)
      sparql (~> 3.2, >= 3.2.4)
      sparql-client (~> 3.2, >= 3.2.1)
      yaml-ld (~> 0.0)
    liquid (5.4.0)
    listen (3.8.0)
      rb-fsevent (~> 0.10, >= 0.10.3)
      rb-inotify (~> 0.9, >= 0.9.10)
    logger (1.5.3)
    lumberjack (1.2.8)
    lutaml (0.7.5)
      lutaml-express
      lutaml-uml
      lutaml-xmi
      nokogiri (~> 1.10)
      thor (~> 1.0)
    lutaml-express (0.2.1)
      expressir (~> 1.2)
    lutaml-uml (0.4.3)
      hashie (~> 4.1.0)
      nokogiri (~> 1.10)
      parslet (~> 2.0.0)
      ruby-graphviz (~> 1.2)
      thor (~> 1.0)
    lutaml-xmi (0.2.3)
      hashie (~> 4.1.0)
      htmlentities
      lutaml-uml
      nokogiri (~> 1.10)
      thor (~> 1.0)
    marcel (1.0.2)
    materialize (0.4.5)
      activesupport (~> 5.0)
    mathml2asciimath (0.0.14)
      htmlentities (~> 4.3.4)
      nokogiri (~> 1)
    matrix (0.4.2)
    mdb (0.5.0)
    mechanize (2.8.5)
      addressable (~> 2.8)
      domain_name (~> 0.5, >= 0.5.20190701)
      http-cookie (~> 1.0, >= 1.0.3)
      mime-types (~> 3.0)
      net-http-digest_auth (~> 1.4, >= 1.4.1)
      net-http-persistent (>= 2.5.2, < 5.0.dev)
      nokogiri (~> 1.11, >= 1.11.2)
      rubyntlm (~> 0.6, >= 0.6.3)
      webrick (~> 1.7)
      webrobots (~> 0.1.2)
    metanorma (1.5.10)
      asciidoctor
      fontist (>= 1.14.3)
      htmlentities
      isodoc (>= 2.5.4)
      mn2pdf (~> 1)
      nokogiri
      pry
    metanorma-iso (2.4.6)
      metanorma-standoc (~> 2.4.3)
      mnconvert (~> 1.14)
      pubid-iso (~> 0.5.0)
      ruby-jing
      tokenizer (~> 0.3.0)
      twitter_cldr
    metanorma-plugin-datastruct (0.2.3)
      asciidoctor (~> 2.0.0)
      isodoc
      relaton-cli
    metanorma-plugin-glossarist (0.1.2)
      asciidoctor (~> 2.0.0)
      glossarist
      liquid (~> 5)
    metanorma-plugin-lutaml (0.4.19)
      asciidoctor
      expressir
      liquid
      lutaml
      relaton-cli
      reverse_adoc
    metanorma-standoc (2.4.7)
      asciidoctor (~> 2.0.0)
      asciimath2unitsml (~> 0.4.0)
      concurrent-ruby
      iev (~> 0.3.0)
      isodoc (~> 2.5.4)
      metanorma (>= 1.5.0)
      metanorma-plugin-datastruct (~> 0.2.0)
      metanorma-plugin-glossarist (~> 0.1.1)
      metanorma-plugin-lutaml
      plurimath
      pngcheck
      relaton-cli (~> 1.15.0)
      relaton-iev (~> 1.1.5)
      ruby-jing
      unicode2latex (~> 0.0.1)
    metanorma-utils (1.5.0)
      asciidoctor (>= 2)
      concurrent-ruby
      csv
      htmlentities (~> 4.3.4)
      marcel (~> 1.0.0)
      mime-types
      nokogiri (>= 1.11)
      sterile (~> 1.0.14)
      uuidtools
    method_source (1.0.0)
    mime-types (3.4.1)
      mime-types-data (~> 3.2015)
    mime-types-data (3.2023.0218.1)
    mini_portile2 (2.8.2)
    minitest (5.18.1)
    mn-requirements (0.3.3)
      isodoc-i18n (~> 1.1.2)
    mn2pdf (1.74)
    mnconvert (1.53.0)
    multi_json (1.15.0)
    nenv (0.3.0)
    net-ftp (0.1.3)
      net-protocol
      time
    net-http-digest_auth (1.4.1)
    net-http-persistent (4.0.2)
      connection_pool (~> 2.2)
    net-protocol (0.2.1)
      timeout
    nokogiri (1.14.5-x64-mingw-ucrt)
      racc (~> 1.4)
    nokogiri-styles (0.1.2)
      nokogiri
    notiffany (0.1.3)
      nenv (~> 0.1)
      shellany (~> 0.0)
    optout (0.0.2)
    ox (2.14.16)
    parallel (1.23.0)
    parser (3.2.2.3)
      ast (~> 2.4.1)
      racc
    parslet (2.0.0)
    plane1converter (0.0.1)
    plist (3.7.0)
    plurimath (0.3.5)
      ox
      parslet
    pngcheck (0.3.1-x64-mingw-ucrt)
      bundler (~> 2.3, >= 2.3.22)
      ffi (~> 1.0)
      rake (~> 13.0)
    premailer (1.11.1)
      addressable
      css_parser (>= 1.6.0)
      htmlentities (>= 4.0.0)
    pry (0.14.2)
      coderay (~> 1.1)
      method_source (~> 1.0)
    psych (5.1.0)
      stringio
    pubid-core (1.8.0)
      parslet
    pubid-iso (0.5.3)
      lightly
      nokogiri
      parslet
      pubid-core (~> 1.8.0)
      thor
    public_suffix (5.0.1)
    racc (1.7.1)
    rack (3.0.8)
    rainbow (3.1.1)
    rake (13.0.6)
    rb-fsevent (0.11.2)
    rb-inotify (0.10.1)
      ffi (~> 1.0)
    rchardet (1.8.0)
    rdf (3.2.11)
      link_header (~> 0.0, >= 0.0.8)
    rdf-aggregate-repo (3.2.1)
      rdf (~> 3.2)
    rdf-hamster-repo (3.2.1)
      hamster (~> 3.0)
      rdf (~> 3.2, >= 3.2.1)
    rdf-isomorphic (3.2.1)
      rdf (~> 3.2)
    rdf-json (3.2.0)
      rdf (~> 3.2)
    rdf-microdata (3.2.1)
      htmlentities (~> 4.3)
      nokogiri (~> 1.13)
      rdf (~> 3.2)
      rdf-rdfa (~> 3.2)
      rdf-xsd (~> 3.2)
    rdf-n3 (3.2.1)
      ebnf (~> 2.2)
      rdf (~> 3.2)
      sparql (~> 3.2)
      sxp (~> 1.2)
    rdf-normalize (0.5.1)
      rdf (~> 3.2)
    rdf-ordered-repo (3.2.1)
      rdf (~> 3.2, >= 3.2.1)
    rdf-rdfa (3.2.2)
      haml (>= 5.2, < 7)
      htmlentities (~> 4.3)
      rdf (~> 3.2)
      rdf-aggregate-repo (~> 3.2)
      rdf-vocab (~> 3.2)
      rdf-xsd (~> 3.2)
    rdf-rdfxml (3.2.1)
      haml (~> 5.2)
      htmlentities (~> 4.3)
      rdf (~> 3.2)
      rdf-rdfa (~> 3.2)
      rdf-xsd (~> 3.2)
    rdf-reasoner (0.8.0)
      rdf (~> 3.2)
      rdf-xsd (~> 3.2)
    rdf-tabular (3.2.1)
      addressable (~> 2.8)
      bcp47 (~> 0.3, >= 0.3.3)
      json-ld (~> 3.2)
      rdf (~> 3.2, >= 3.2.7)
      rdf-vocab (~> 3.2)
      rdf-xsd (~> 3.2)
    rdf-trig (3.2.0)
      ebnf (~> 2.2)
      rdf (~> 3.2)
      rdf-turtle (~> 3.2)
    rdf-trix (3.2.0)
      rdf (~> 3.2)
      rdf-xsd (~> 3.2)
    rdf-turtle (3.2.1)
      ebnf (~> 2.3)
      rdf (~> 3.2)
    rdf-vocab (3.2.6)
      rdf (~> 3.2, >= 3.2.4)
    rdf-xsd (3.2.1)
      rdf (~> 3.2)
      rexml (~> 3.2)
    regexp_parser (2.8.1)
    relaton (1.15.3)
      relaton-3gpp (~> 1.14.0)
      relaton-bipm (~> 1.14.0)
      relaton-bsi (~> 1.14.0)
      relaton-calconnect (~> 1.14.0)
      relaton-cen (~> 1.14.0)
      relaton-cie (~> 1.14.0)
      relaton-doi (~> 1.14.0)
      relaton-ecma (~> 1.14.0)
      relaton-gb (~> 1.14.0)
      relaton-iana (~> 1.14.0)
      relaton-iec (~> 1.14.0)
      relaton-ieee (~> 1.14.0)
      relaton-ietf (~> 1.14.0)
      relaton-iho (~> 1.14.0)
      relaton-iso (~> 1.15.3)
      relaton-itu (~> 1.14.0)
      relaton-jis (~> 1.14.0)
      relaton-nist (~> 1.14.0)
      relaton-oasis (~> 1.14.0)
      relaton-ogc (~> 1.14.0)
      relaton-omg (~> 1.14.0)
      relaton-un (~> 1.14.0)
      relaton-w3c (~> 1.14.0)
    relaton-3gpp (1.14.5)
      mdb (~> 0.5.0)
      net-ftp (~> 0.1.0)
      relaton-bib (~> 1.14.0)
      relaton-index (~> 0.2.0)
      rubyzip (~> 2.3.0)
    relaton-bib (1.14.11)
      addressable
      bibtex-ruby
      htmlentities
      iso639
      nokogiri (~> 1.14.0)
    relaton-bipm (1.14.11)
      faraday (~> 2.7.0)
      mechanize (~> 2.8.0)
      parslet (~> 2.0.0)
      relaton-bib (~> 1.14.0)
      relaton-index (~> 0.2.2)
      rubyzip (~> 2.3.0)
    relaton-bsi (1.14.6)
      algolia (~> 2.3.0)
      graphql (= 1.13.6)
      graphql-client (~> 0.16.0)
      relaton-iso-bib (~> 1.14.0)
    relaton-calconnect (1.14.2)
      faraday (~> 2.7.0)
      relaton-bib (~> 1.14.0)
      relaton-index (~> 0.2.0)
    relaton-cen (1.14.1)
      mechanize (~> 2.8.0)
      relaton-iso-bib (~> 1.14.0)
    relaton-cie (1.14.1)
      mechanize (~> 2.8.0)
      parslet (~> 2.0.0)
      relaton-bib (~> 1.14.0)
      relaton-index (~> 0.2.0)
    relaton-cli (1.15.4)
      liquid (~> 5)
      relaton (~> 1.15.2)
      thor
      thor-hollaback
    relaton-doi (1.14.4)
      relaton-bib (~> 1.14.3)
      relaton-bipm (~> 1.14.0)
      relaton-ieee (~> 1.14.0)
      relaton-ietf (~> 1.14.0)
      relaton-nist (~> 1.14.0)
      serrano (~> 1.4.0)
    relaton-ecma (1.14.6)
      mechanize (~> 2.8.0)
      relaton-bib (~> 1.14.0)
      relaton-index (~> 0.2.4)
    relaton-gb (1.14.0)
      cnccs (~> 0.1.1)
      gb-agencies (~> 0.0.1)
      relaton-iso-bib (~> 1.14.0)
    relaton-iana (1.14.3)
      faraday (~> 2.7.0)
      relaton-bib (~> 1.14.0)
      relaton-index (~> 0.2.0)
    relaton-iec (1.14.4)
      addressable
      relaton-index (~> 0.2.0)
      relaton-iso-bib (~> 1.14.0)
      rubyzip
    relaton-ieee (1.14.8)
      faraday (~> 2.7.0)
      mini_portile2 (~> 2.8.0)
      relaton-bib (~> 1.14.0)
      relaton-index (~> 0.2.0)
      rubyzip (~> 2.3.0)
    relaton-ietf (1.14.4)
      relaton-bib (~> 1.14.0)
      relaton-index (~> 0.2.0)
    relaton-iev (1.1.6)
      htmlentities (~> 4.3.4)
      nokogiri (>= 1.14.0)
      relaton (>= 1.6)
    relaton-iho (1.14.3)
      relaton-bib (~> 1.14.0)
      relaton-index (~> 0.2.0)
    relaton-index (0.2.5)
      rubyzip (~> 2.3.0)
    relaton-iso (1.15.4)
      algolia (~> 2.3.0)
      pubid-iso (~> 0.5.0)
      relaton-iso-bib (~> 1.14.0)
    relaton-iso-bib (1.14.0)
      isoics (~> 0.1.6)
      relaton-bib (~> 1.14.0)
    relaton-itu (1.14.2)
      mechanize (~> 2.8.0)
      relaton-bib (~> 1.14.0)
      relaton-index (~> 0.2.0)
    relaton-jis (1.14.4)
      mechanize (~> 2.8.0)
      relaton-bib (~> 1.14.9)
      relaton-iso-bib (~> 1.14.0)
    relaton-nist (1.14.6)
      relaton-bib (~> 1.14.0)
      relaton-index (~> 0.2.0)
      rubyzip
    relaton-oasis (1.14.4)
      mechanize (~> 2.8.0)
      multi_json (~> 1.15.0)
      relaton-bib (~> 1.14.0)
      relaton-index (~> 0.2.0)
    relaton-ogc (1.14.3)
      faraday (~> 2.7.0)
      relaton-index (~> 0.2.0)
      relaton-iso-bib (~> 1.14.0)
    relaton-omg (1.14.0)
      relaton-bib (~> 1.14.0)
    relaton-render (0.5.12)
      isodoc-i18n (~> 1.1.2)
      liquid (~> 5)
      nokogiri
      relaton-bib (>= 1.13.0)
      twitter_cldr
      tzinfo-data
    relaton-un (1.14.1)
      addressable (~> 2.8.0)
      faraday (~> 2.7.0)
      http-cookie (~> 1.0.5)
      relaton-bib (~> 1.14.0)
      unf_ext (>= 0.0.7.7)
    relaton-w3c (1.14.3)
      linkeddata (~> 3.2.0)
      mechanize (~> 2.8.0)
      rdf (~> 3.2.0)
      rdf-normalize (~> 0.5.0)
      relaton-bib (~> 1.14.0)
      relaton-index (~> 0.2.4)
      rubyzip (~> 2.3.0)
      shex (~> 0.7.0)
      sparql (~> 3.2.0)
    reline (0.3.5)
      io-console (~> 0.5)
    reverse_adoc (0.3.6)
      marcel (~> 1.0.0)
      mathml2asciimath
      nokogiri (~> 1.12)
      premailer (~> 1.11.0)
      word-to-markdown
    reverse_markdown (1.4.0)
      nokogiri
    rexml (3.2.5)
    rice (4.0.4)
    roman-numerals (0.3.0)
    rouge (4.1.2)
    rsec (1.0.0)
    rspec (3.12.0)
      rspec-core (~> 3.12.0)
      rspec-expectations (~> 3.12.0)
      rspec-mocks (~> 3.12.0)
    rspec-core (3.12.2)
      rspec-support (~> 3.12.0)
    rspec-expectations (3.12.3)
      diff-lcs (>= 1.2.0, < 2.0)
      rspec-support (~> 3.12.0)
    rspec-mocks (3.12.5)
      diff-lcs (>= 1.2.0, < 2.0)
      rspec-support (~> 3.12.0)
    rspec-support (3.12.0)
    rubocop (1.52.1)
      json (~> 2.3)
      parallel (~> 1.10)
      parser (>= 3.2.2.3)
      rainbow (>= 2.2.2, < 4.0)
      regexp_parser (>= 1.8, < 3.0)
      rexml (>= 3.2.5, < 4.0)
      rubocop-ast (>= 1.28.0, < 2.0)
      ruby-progressbar (~> 1.7)
      unicode-display_width (>= 2.4.0, < 3.0)
    rubocop-ast (1.29.0)
      parser (>= 3.2.1.0)
    ruby-debug-ide (0.7.3)
      rake (>= 0.8.1)
    ruby-graphviz (1.2.5)
      rexml
    ruby-jing (0.0.3)
      optout (>= 0.0.2)
    ruby-ole (1.2.12.2)
    ruby-progressbar (1.13.0)
    ruby2_keywords (0.0.5)
    rubyntlm (0.6.3)
    rubyzip (2.3.2)
    sassc (2.4.0)
      ffi (~> 1.9)
    scanf (1.0.0)
    serrano (1.4)
      faraday (~> 2.2)
      faraday-follow_redirects (~> 0.1.0)
      multi_json (~> 1.15)
      rexml (~> 3.2, >= 3.2.5)
      thor (~> 1.2, >= 1.2.1)
    seven-zip (1.4.2)
    shacl (0.3.0)
      json-ld (~> 3.2)
      rdf (~> 3.2, >= 3.2.8)
      sparql (~> 3.2, >= 3.2.4)
      sxp (~> 1.2)
    shellany (0.0.1)
    shex (0.7.1)
      ebnf (~> 2.2)
      htmlentities (~> 4.3)
      json-ld (~> 3.2)
      json-ld-preloaded (~> 3.2)
      rdf (~> 3.2)
      rdf-xsd (~> 3.2)
      sparql (~> 3.2)
      sxp (~> 1.2)
    simplecov (0.22.0)
      docile (~> 1.1)
      simplecov-html (~> 0.11)
      simplecov_json_formatter (~> 0.1)
    simplecov-html (0.12.3)
    simplecov_json_formatter (0.1.4)
    socksify (1.7.1)
    sparql (3.2.5)
      builder (~> 3.2)
      ebnf (~> 2.2, >= 2.3.1)
      logger (~> 1.5)
      rdf (~> 3.2, >= 3.2.8)
      rdf-aggregate-repo (~> 3.2)
      rdf-xsd (~> 3.2)
      sparql-client (~> 3.2, >= 3.2.1)
      sxp (~> 1.2, >= 1.2.2)
    sparql-client (3.2.1)
      net-http-persistent (~> 4.0, >= 4.0.1)
      rdf (~> 3.2, >= 3.2.6)
    sterile (1.0.25)
      nokogiri (>= 1.11.7)
    stringio (3.0.7)
    sxp (1.2.4)
      matrix (~> 0.4)
      rdf (~> 3.2)
    sys-proctable (1.3.0)
      ffi (~> 1.1)
    sys-uname (1.2.3)
      ffi (~> 1.1)
    temple (0.10.2)
    thor (1.2.2)
    thor-hollaback (0.2.1)
      hollaback (~> 0.1)
      thor (>= 0.19.1)
    thread_safe (0.3.6)
    tilt (2.2.0)
    time (0.2.2)
      date
    timecop (0.9.6)
    timeout (0.3.2)
    tokenizer (0.3.0)
    ttfunk (1.7.0)
    twitter_cldr (6.11.5)
      camertron-eprun
      cldr-plurals-runtime-rb (~> 1.1)
      tzinfo
    tzinfo (1.2.11)
      thread_safe (~> 0.1)
    tzinfo-data (1.2023.3)
      tzinfo (>= 1.0.0)
    unf (0.1.4)
      unf_ext
    unf_ext (0.0.8.2)
    unicode-display_width (2.4.2)
    unicode-types (1.8.0)
    unicode2latex (0.0.6)
    uuidtools (2.2.0)
    vcr (6.1.0)
    webmock (3.18.1)
      addressable (>= 2.8.0)
      crack (>= 0.3.2)
      hashdiff (>= 0.4.0, < 2.0.0)
    webrick (1.8.1)
    webrobots (0.1.2)
    word-to-markdown (1.1.8)
      cliver (~> 0.3)
      descriptive_statistics (~> 2.5)
      nokogiri-styles (~> 0.1)
      premailer (~> 1.8)
      reverse_markdown (~> 1.0)
      sys-proctable (~> 1.0)
    yaml-ld (0.0.2)
      json-ld (~> 3.2, >= 3.2.3)
      psych (>= 3.3)
      rdf (~> 3.2, >= 3.2.9)
      rdf-xsd (~> 3.2)

PLATFORMS
  x64-mingw-ucrt

DEPENDENCIES
  byebug
  debase (= 0.2.5.beta2)
  debug
  equivalent-xml
  guard
  guard-rspec
  materialize
  metanorma
  metanorma-gb!
  rake
  rspec
  rubocop
  ruby-debug-ide
  sassc
  simplecov
  timecop
  vcr
  webmock

BUNDLED WITH
   2.4.10
