PATH
  remote: .
  specs:
    metanorma-gb (2.0.1)
      asciidoctor
      gb-agencies
      htmlentities
      isodoc
      metanorma-iso
      twitter_cldr

GEM
  remote: https://rubygems.org/
  specs:
    addressable (2.8.4)
      public_suffix (>= 2.0.2, < 6.0)
    arr-pm (0.0.12)
    asciidoctor (2.0.20)
    asciimath (2.0.5)
    ast (2.4.2)
    bibtex-ruby (6.0.0)
      latex-decode (~> 0.0)
    byebug (9.1.0)
    camertron-eprun (1.1.1)
    cldr-plurals-runtime-rb (1.1.0)
    cliver (0.3.2)
    cnccs (0.1.6)
    coderay (1.1.3)
    concurrent-ruby (1.2.2)
    crack (0.4.5)
      rexml
    css_parser (1.14.0)
      addressable
    csv (3.2.6)
    debase (0.2.5.beta2)
      debase-ruby_core_source (>= 0.10.12)
    debase-ruby_core_source (3.2.1)
    descriptive_statistics (2.5.1)
    diff-lcs (1.5.0)
    docile (1.4.0)
    domain_name (0.5.20190701)
      unf (>= 0.0.5, < 1.0.0)
    down (5.4.1)
      addressable (~> 2.8)
    equivalent-xml (0.6.0)
      nokogiri (>= 1.4.3)
    excavate (0.3.1)
      arr-pm (~> 0.0)
      ffi-libarchive-binary (~> 0.0)
      libmspack (~> 0.1)
      ruby-ole (~> 1.0)
      rubyzip (~> 2.3)
      seven-zip (~> 1.4)
      thor (~> 1.0)
    expressir (1.2.8)
      rice (~> 4.0.3)
      thor (~> 1.0)
    extract_ttc (0.2.0-x64-mingw-ucrt)
      ffi (~> 1.0)
    faraday (1.0.1)
      multipart-post (>= 1.2, < 3)
    ffi (1.15.5)
    ffi-compiler2 (2.0.1)
      ffi (>= 1.0.0)
      rake
    ffi-libarchive (1.1.3)
      ffi (~> 1.0)
    ffi-libarchive-binary (0.2.6-x64-mingw-ucrt)
      ffi-libarchive (~> 1.0)
    fontist (1.15.2)
      down (~> 5.0)
      excavate (~> 0.3)
      extract_ttc (~> 0.1)
      git (~> 1.0)
      mime-types (~> 3.0)
      nokogiri (~> 1.0)
      plist (~> 3.0)
      socksify (~> 1.7)
      sys-uname (~> 1.2)
      thor (~> 1.2.1)
      ttfunk (~> 1.6)
    formatador (1.1.0)
    gb-agencies (0.0.7)
    git (1.18.0)
      addressable (~> 2.8)
      rchardet (~> 1.8)
    guard (2.18.0)
      formatador (>= 0.2.4)
      listen (>= 2.7, < 4.0)
      lumberjack (>= 1.0.12, < 2.0)
      nenv (~> 0.1)
      notiffany (~> 0.0)
      pry (>= 0.13.0)
      shellany (~> 0.0)
      thor (>= 0.18.1)
    guard-compat (1.2.1)
    guard-rspec (4.7.3)
      guard (~> 2.1)
      guard-compat (~> 1.1)
      rspec (>= 2.99.0, < 4.0)
    hashdiff (1.0.1)
    hashie (4.1.0)
    html2doc (1.0.6)
      asciimath (~> 2.0.0)
      htmlentities (~> 4.3.4)
      image_size
      mime-types
      nokogiri (>= 1.10.4)
      plane1converter (~> 0.0.1)
      thread_safe
      uuidtools
    htmlentities (4.3.4)
    http-cookie (1.0.5)
      domain_name (~> 0.5)
    iev (0.2.6)
      nokogiri (~> 1.12)
    image_size (3.3.0)
    iso639 (1.3.2)
    isodoc (1.2.8)
      asciimath
      html2doc (~> 1.0.0)
      htmlentities (~> 4.3.4)
      liquid
      metanorma (~> 1.2.0)
      nokogiri (>= 1.10.4)
      relaton-cli
      roman-numerals
      thread_safe
      twitter_cldr
      uuidtools
    isoics (0.1.11)
    latex-decode (0.4.0)
    latexmath (0.1.5)
      htmlentities (~> 4.3)
      ox (~> 2.13)
    libmspack (0.10.1.2)
      ffi
      ffi-compiler2 (>= 2.0.0)
    liquid (5.4.0)
    listen (3.8.0)
      rb-fsevent (~> 0.10, >= 0.10.3)
      rb-inotify (~> 0.9, >= 0.9.10)
    lumberjack (1.2.8)
    lutaml (0.7.5)
      lutaml-express
      lutaml-uml
      lutaml-xmi
      nokogiri (~> 1.10)
      thor (~> 1.0)
    lutaml-express (0.2.1)
      expressir (~> 1.2)
    lutaml-uml (0.4.3)
      hashie (~> 4.1.0)
      nokogiri (~> 1.10)
      parslet (~> 2.0.0)
      ruby-graphviz (~> 1.2)
      thor (~> 1.0)
    lutaml-xmi (0.2.3)
      hashie (~> 4.1.0)
      htmlentities
      lutaml-uml
      nokogiri (~> 1.10)
      thor (~> 1.0)
    marcel (1.0.2)
    materialize (0.2.6)
    mathml2asciimath (0.0.14)
      htmlentities (~> 4.3.4)
      nokogiri (~> 1)
    metanorma (1.2.5)
      asciidoctor
      fontist (~> 1.8)
      htmlentities
      metanorma-utils (~> 1)
      mn2pdf (~> 1)
      nokogiri
      pry
    metanorma-iso (1.5.12)
      isodoc (~> 1.2.0)
      metanorma-standoc (~> 1.6.0)
      mn2sts (~> 1.5.0)
      ruby-jing
      tokenizer (~> 0.3.0)
      twitter_cldr
    metanorma-plugin-datastruct (0.2.3)
      asciidoctor (~> 2.0.0)
      isodoc
      relaton-cli
    metanorma-plugin-lutaml (0.4.19)
      asciidoctor
      expressir
      liquid
      lutaml
      relaton-cli
      reverse_adoc
    metanorma-standoc (1.6.3)
      asciidoctor (~> 2.0.0)
      concurrent-ruby
      iev (~> 0.2.1)
      isodoc (~> 1.2.0)
      latexmath
      mathml2asciimath
      metanorma-plugin-datastruct
      metanorma-plugin-lutaml
      mimemagic
      relaton-cli (~> 1.5.0)
      relaton-iev (~> 1.0.0)
      ruby-jing
      sterile (~> 1.0.14)
      unicode2latex (~> 0.0.1)
    metanorma-utils (1.5.0)
      asciidoctor (>= 2)
      concurrent-ruby
      csv
      htmlentities (~> 4.3.4)
      marcel (~> 1.0.0)
      mime-types
      nokogiri (>= 1.11)
      sterile (~> 1.0.14)
      uuidtools
    method_source (1.0.0)
    mime-types (3.4.1)
      mime-types-data (~> 3.2015)
    mime-types-data (3.2023.0218.1)
    mimemagic (0.4.3)
      nokogiri (~> 1)
      rake
    mn2pdf (1.73)
    mn2sts (1.5.0)
    multipart-post (2.3.0)
    nenv (0.3.0)
    nokogiri (1.15.2-x64-mingw-ucrt)
      racc (~> 1.4)
    nokogiri-styles (0.1.2)
      nokogiri
    notiffany (0.1.3)
      nenv (~> 0.1)
      shellany (~> 0.0)
    optout (0.0.2)
    ox (2.14.16)
    parallel (1.23.0)
    parser (3.2.2.3)
      ast (~> 2.4.1)
      racc
    parslet (2.0.0)
    plane1converter (0.0.1)
    plist (3.7.0)
    powerpack (0.1.3)
    premailer (1.11.1)
      addressable
      css_parser (>= 1.6.0)
      htmlentities (>= 4.0.0)
    pry (0.14.2)
      coderay (~> 1.1)
      method_source (~> 1.0)
    public_suffix (5.0.1)
    racc (1.7.0)
    rainbow (3.1.1)
    rake (12.3.3)
    rb-fsevent (0.11.2)
    rb-inotify (0.10.1)
      ffi (~> 1.0)
    rchardet (1.8.0)
    relaton (1.5.0)
      relaton-bipm (~> 1.5.0)
      relaton-calconnect (~> 1.5.0)
      relaton-gb (~> 1.5.0)
      relaton-iec (~> 1.5.0)
      relaton-ieee (~> 1.5.0)
      relaton-ietf (~> 1.5.0)
      relaton-iho (~> 1.5.0)
      relaton-iso (~> 1.5.0)
      relaton-itu (~> 1.5.0)
      relaton-nist (~> 1.5.0)
      relaton-ogc (~> 1.5.0)
      relaton-omg (~> 1.5.0)
      relaton-un (~> 1.5.0)
      relaton-w3c (~> 1.5.0)
    relaton-bib (1.5.1)
      addressable
      bibtex-ruby
      iso639
      nokogiri
    relaton-bipm (1.5.0)
      relaton-bib (~> 1.5.0)
    relaton-calconnect (1.5.0)
      faraday
      relaton-bib (~> 1.5.0)
    relaton-cli (1.5.0)
      liquid
      relaton (~> 1.5.0)
      thor
    relaton-gb (1.5.0)
      cnccs (~> 0.1.1)
      gb-agencies (~> 0.0.1)
      relaton-iso-bib (>= 1.5.0)
    relaton-iec (1.5.0)
      addressable
      relaton-iso-bib (~> 1.5.0)
    relaton-ieee (1.5.0)
      faraday (~> 1.0.0)
      relaton-bib (~> 1.5.0)
    relaton-ietf (1.5.0)
      relaton-bib (~> 1.5.0)
    relaton-iev (1.0.0)
      relaton (~> 1)
    relaton-iho (1.5.0)
      relaton-bib (~> 1.5.0)
    relaton-iso (1.5.0)
      relaton-iec (~> 1.5.0)
      relaton-iso-bib (~> 1.5.0)
    relaton-iso-bib (1.5.0)
      isoics (~> 0.1.6)
      relaton-bib (~> 1.5.0)
    relaton-itu (1.5.0)
      relaton-bib (~> 1.5.0)
    relaton-nist (1.5.1)
      relaton-bib (~> 1.5.0)
      rubyzip
    relaton-ogc (1.5.2)
      faraday (~> 1.0.0)
      relaton-iso-bib (~> 1.5.0)
    relaton-omg (1.5.0)
      relaton-bib (~> 1.5.0)
    relaton-un (1.5.0)
      faraday
      http-cookie
      relaton-bib (~> 1.5.0)
      unf_ext (>= 0.0.7.7)
    relaton-w3c (1.5.0)
      relaton-bib (>= 1.5.0)
    reverse_adoc (0.3.6)
      marcel (~> 1.0.0)
      mathml2asciimath
      nokogiri (~> 1.12)
      premailer (~> 1.11.0)
      word-to-markdown
    reverse_markdown (1.4.0)
      nokogiri
    rexml (3.2.5)
    rice (4.0.4)
    roman-numerals (0.3.0)
    rspec (3.12.0)
      rspec-core (~> 3.12.0)
      rspec-expectations (~> 3.12.0)
      rspec-mocks (~> 3.12.0)
    rspec-core (3.12.2)
      rspec-support (~> 3.12.0)
    rspec-expectations (3.12.3)
      diff-lcs (>= 1.2.0, < 2.0)
      rspec-support (~> 3.12.0)
    rspec-mocks (3.12.5)
      diff-lcs (>= 1.2.0, < 2.0)
      rspec-support (~> 3.12.0)
    rspec-support (3.12.0)
    rubocop (0.54.0)
      parallel (~> 1.10)
      parser (>= 2.5)
      powerpack (~> 0.1)
      rainbow (>= 2.2.2, < 4.0)
      ruby-progressbar (~> 1.7)
      unicode-display_width (~> 1.0, >= 1.0.1)
    ruby-debug-ide (0.7.3)
      rake (>= 0.8.1)
    ruby-graphviz (1.2.5)
      rexml
    ruby-jing (0.0.3)
      optout (>= 0.0.2)
    ruby-ole (1.2.12.2)
    ruby-progressbar (1.13.0)
    rubyzip (2.3.2)
    sassc (2.4.0)
      ffi (~> 1.9)
    seven-zip (1.4.2)
    shellany (0.0.1)
    simplecov (0.22.0)
      docile (~> 1.1)
      simplecov-html (~> 0.11)
      simplecov_json_formatter (~> 0.1)
    simplecov-html (0.12.3)
    simplecov_json_formatter (0.1.4)
    socksify (1.7.1)
    sterile (1.0.25)
      nokogiri (>= 1.11.7)
    sys-proctable (1.3.0)
      ffi (~> 1.1)
    sys-uname (1.2.3)
      ffi (~> 1.1)
    thor (1.2.2)
    thread_safe (0.3.6)
    timecop (0.9.6)
    tokenizer (0.3.0)
    ttfunk (1.7.0)
    twitter_cldr (4.4.5)
      camertron-eprun
      cldr-plurals-runtime-rb (~> 1.0)
      tzinfo
    tzinfo (2.0.6)
      concurrent-ruby (~> 1.0)
    unf (0.1.4)
      unf_ext
    unf_ext (0.0.8.2)
    unicode-display_width (1.8.0)
    unicode2latex (0.0.6)
    uuidtools (2.2.0)
    vcr (6.1.0)
    webmock (3.18.1)
      addressable (>= 2.8.0)
      crack (>= 0.3.2)
      hashdiff (>= 0.4.0, < 2.0.0)
    word-to-markdown (1.1.8)
      cliver (~> 0.3)
      descriptive_statistics (~> 2.5)
      nokogiri-styles (~> 0.1)
      premailer (~> 1.8)
      reverse_markdown (~> 1.0)
      sys-proctable (~> 1.0)

PLATFORMS
  x64-mingw-ucrt

DEPENDENCIES
  byebug
  debase (= 0.2.5.beta2)
  equivalent-xml
  guard
  guard-rspec
  materialize
  metanorma
  metanorma-gb!
  rake
  rspec
  rubocop
  ruby-debug-ide
  sassc
  simplecov
  timecop
  vcr
  webmock

BUNDLED WITH
   2.4.10
